GIT
  remote: http://github.com/assaf/vanity.git
  revision: 32a93c8abf981be7b9ced9c733e2830421d694c3
  ref: 32a93c8abf981be7b9ced9c733e2830421d694c3
  specs:
    vanity (1.4.0)
      redis (~> 2.0)
      redis-namespace (~> 0.7)

GEM
  remote: http://rubygems.org/
  specs:
    SystemTimer (1.2)
    actionmailer (2.3.8)
      actionpack (= 2.3.8)
    actionpack (2.3.8)
      activesupport (= 2.3.8)
      rack (~> 1.1.0)
    activerecord (2.3.8)
      activesupport (= 2.3.8)
    activeresource (2.3.8)
      activesupport (= 2.3.8)
    activesupport (2.3.8)
    cgi_multipart_eof_fix (2.5.0)
    daemons (1.1.0)
    fastthread (1.0.7)
    gem_plugin (0.2.3)
    mongrel (1.1.5)
      cgi_multipart_eof_fix (>= 2.4)
      daemons (>= 1.0.3)
      fastthread (>= 1.0.1)
      gem_plugin (>= 0.2.3)
    rack (1.1.0)
    rails (2.3.8)
      actionmailer (= 2.3.8)
      actionpack (= 2.3.8)
      activerecord (= 2.3.8)
      activeresource (= 2.3.8)
      activesupport (= 2.3.8)
      rake (>= 0.8.3)
    rake (0.8.7)
    redis (2.0.10)
    redis-namespace (0.10.0)
      redis (< 3.0.0)

PLATFORMS
  ruby

DEPENDENCIES
  SystemTimer
  mongrel
  rails (~> 2.3.8)
  vanity!
